PATH
  remote: .
  specs:
    ruby_on_etags (0.1.3)
      bundler (~> 1.0.0)
      rake (~> 0.9.2)
      thor (~> 0.14.6)
      watchr (~> 0.7)

GEM
  remote: http://rubygems.org/
  specs:
    archive-tar-minitar (0.5.2)
    aruba (0.3.2)
      childprocess (~> 0.1.6)
      cucumber (~> 0.10.0)
      rspec (~> 2.3.0)
    builder (3.0.0)
    childprocess (0.1.6)
      ffi (~> 0.6.3)
    columnize (0.3.2)
    cucumber (0.10.7)
      builder (>= 2.1.2)
      diff-lcs (>= 1.1.2)
      gherkin (~> 2.4.0)
      json (>= 1.4.6)
      term-ansicolor (>= 1.0.5)
    diff-lcs (1.1.3)
    ffi (0.6.3)
      rake (>= 0.8.7)
    gherkin (2.4.21)
      json (>= 1.4.6)
    guard (0.8.8)
      thor (~> 0.14.6)
    guard-bundler (0.1.2)
      guard (>= 0.2.2)
    guard-cucumber (0.7.3)
      cucumber (>= 0.10)
      guard (>= 0.8.3)
    guard-rspec (0.5.2)
      guard (>= 0.8.4)
    json (1.6.1)
    libnotify (0.3.0)
      ffi (>= 0.6.2)
    linecache19 (0.5.11)
      ruby_core_source (>= 0.1.4)
    rake (0.9.2)
    rb-inotify (0.8.6)
      ffi (>= 0.5.0)
    rspec (2.3.0)
      rspec-core (~> 2.3.0)
      rspec-expectations (~> 2.3.0)
      rspec-mocks (~> 2.3.0)
    rspec-core (2.3.1)
    rspec-expectations (2.3.0)
      diff-lcs (~> 1.1.2)
    rspec-mocks (2.3.0)
    ruby-debug-base19 (0.11.24)
      columnize (>= 0.3.1)
      linecache19 (>= 0.5.11)
      ruby_core_source (>= 0.1.4)
    ruby-debug19 (0.11.6)
      columnize (>= 0.3.1)
      linecache19 (>= 0.5.11)
      ruby-debug-base19 (>= 0.11.19)
    ruby_core_source (0.1.4)
      archive-tar-minitar (>= 0.5.2)
    term-ansicolor (1.0.7)
    thor (0.14.6)
    watchr (0.7)

PLATFORMS
  ruby

DEPENDENCIES
  aruba (~> 0.3.2)
  cucumber (~> 0.10.0)
  guard
  guard-bundler
  guard-cucumber
  guard-rspec
  libnotify
  rb-inotify
  rspec (~> 2.3.0)
  ruby-debug19 (~> 0.11.6)
  ruby_on_etags!
