PATH
  remote: .
  specs:
    ruby_on_etags (0.1.1)
      bundler (~> 1.0.0)
      rake (~> 0.8.7)
      thor (~> 0.14.6)
      watchr (~> 0.7)

GEM
  remote: http://rubygems.org/
  specs:
    archive-tar-minitar (0.5.2)
    aruba (0.3.2)
      childprocess (~> 0.1.6)
      cucumber (~> 0.10.0)
      rspec (~> 2.3.0)
    builder (3.0.0)
    childprocess (0.1.6)
      ffi (~> 0.6.3)
    columnize (0.3.2)
    cucumber (0.10.0)
      builder (>= 2.1.2)
      diff-lcs (~> 1.1.2)
      gherkin (~> 2.3.2)
      json (~> 1.4.6)
      term-ansicolor (~> 1.0.5)
    diff-lcs (1.1.2)
    ffi (0.6.3)
      rake (>= 0.8.7)
    gherkin (2.3.3)
      json (~> 1.4.6)
    json (1.4.6)
    linecache19 (0.5.11)
      ruby_core_source (>= 0.1.4)
    rake (0.8.7)
    rspec (2.3.0)
      rspec-core (~> 2.3.0)
      rspec-expectations (~> 2.3.0)
      rspec-mocks (~> 2.3.0)
    rspec-core (2.3.1)
    rspec-expectations (2.3.0)
      diff-lcs (~> 1.1.2)
    rspec-mocks (2.3.0)
    ruby-debug-base19 (0.11.24)
      columnize (>= 0.3.1)
      linecache19 (>= 0.5.11)
      ruby_core_source (>= 0.1.4)
    ruby-debug19 (0.11.6)
      columnize (>= 0.3.1)
      linecache19 (>= 0.5.11)
      ruby-debug-base19 (>= 0.11.19)
    ruby_core_source (0.1.4)
      archive-tar-minitar (>= 0.5.2)
    term-ansicolor (1.0.5)
    thor (0.14.6)
    watchr (0.7)

PLATFORMS
  ruby

DEPENDENCIES
  aruba (~> 0.3.2)
  bundler (~> 1.0.0)
  cucumber (~> 0.10.0)
  rake (~> 0.8.7)
  rspec (~> 2.3.0)
  ruby-debug19 (~> 0.11.6)
  ruby_on_etags!
  thor (~> 0.14.6)
  watchr (~> 0.7)
